PATH
  remote: .
  specs:
    shenzhen (0.0.1)
      commander (~> 4.1.2)
      httmultiparty (~> 0.3.8)
      json (~> 1.7.3)

GEM
  remote: http://rubygems.org/
  specs:
    commander (4.1.2)
      highline (~> 1.6.11)
    highline (1.6.15)
    httmultiparty (0.3.8)
      httparty (>= 0.7.3)
      multipart-post
    httparty (0.9.0)
      multi_json (~> 1.0)
      multi_xml
    json (1.7.5)
    multi_json (1.3.6)
    multi_xml (0.5.1)
    multipart-post (1.1.5)
    rake (0.9.2.2)
    rspec (0.6.4)

PLATFORMS
  ruby

DEPENDENCIES
  rake (~> 0.9.2)
  rspec (~> 0.6.1)
  shenzhen!
